GIT
  remote: https://github.com/aleksandra-stolyar/codebreaker.git
  revision: 5d5bfae9e67950be2f402ee6defab6f3cb079986
  specs:
    codebreaker (0.0.1)

GEM
  remote: https://rubygems.org/
  specs:
    coderay (1.1.0)
    method_source (0.8.2)
    pry (0.10.1)
      coderay (~> 1.1.0)
      method_source (~> 0.8.1)
      slop (~> 3.4)
    rack (1.6.4)
    slop (3.6.0)

PLATFORMS
  ruby

DEPENDENCIES
  codebreaker!
  pry
  rack
