GIT
  remote: https://github.com/aleksandra-stolyar/codebreaker.git
  revision: 7fb1e506261298a8e0f37031b1eb74568b854fec
  specs:
    codebreaker (0.1.1)

GEM
  remote: https://rubygems.org/
  specs:
    coderay (1.1.0)
    method_source (0.8.2)
    pry (0.10.1)
      coderay (~> 1.1.0)
      method_source (~> 0.8.1)
      slop (~> 3.4)
    rack (1.6.4)
    slop (3.6.0)

PLATFORMS
  ruby

DEPENDENCIES
  codebreaker!
  pry
  rack
